PATH
  remote: .
  specs:
    beemovie (0.0.1)

GEM
  remote: https://rubygems.org/
  specs:
    rake (12.3.3)

PLATFORMS
  ruby

DEPENDENCIES
  beemovie!
  rake (~> 12.0)

BUNDLED WITH
   2.1.4
